GEM
  remote: http://rubygems.org/
  specs:
    activemodel (3.0.9)
      activesupport (= 3.0.9)
      builder (~> 2.1.2)
      i18n (~> 0.5.0)
    activesupport (3.0.9)
    bson (1.3.1)
    bson_ext (1.3.1)
    builder (2.1.2)
    capistrano (2.8.0)
      highline
      net-scp (>= 1.0.0)
      net-sftp (>= 2.0.0)
      net-ssh (>= 2.0.14)
      net-ssh-gateway (>= 1.1.0)
    crack (0.1.8)
    curb (0.7.15)
    haml (3.1.2)
    hashie (0.4.0)
    highline (1.6.2)
    httparty (0.6.1)
      crack (= 0.1.8)
    i18n (0.5.0)
    mongo (1.3.1)
      bson (>= 1.3.1)
    mongoid (2.0.2)
      activemodel (~> 3.0)
      mongo (~> 1.3)
      tzinfo (~> 0.3.22)
    multi_json (0.0.5)
    net-scp (1.0.4)
      net-ssh (>= 1.99.1)
    net-sftp (2.0.5)
      net-ssh (>= 2.0.9)
    net-ssh (2.2.1)
    net-ssh-gateway (1.1.0)
      net-ssh (>= 1.99.1)
    oauth (0.4.4)
    rack (1.3.2)
    sass (3.1.2)
    sinatra (1.2.3)
      rack (~> 1.1)
      tilt (>= 1.2.2, < 2.0)
    tilt (1.3)
    twitter (0.9.12)
      hashie (~> 0.4.0)
      httparty (~> 0.6.1)
      multi_json (~> 0.0.4)
      oauth (~> 0.4.3)
    tzinfo (0.3.30)
    yajl-ruby (0.8.2)

PLATFORMS
  ruby

DEPENDENCIES
  bson_ext
  capistrano
  curb
  haml
  mongoid
  sass
  sinatra
  twitter
  yajl-ruby
