GEM
  remote: http://rubygems.org/
  specs:
<<<<<<< HEAD
    aaronh-chronic (0.3.9)
    activemodel (3.0.9)
      activesupport (= 3.0.9)
      builder (~> 2.1.2)
      i18n (~> 0.5.0)
    activesupport (3.0.9)
=======
    activemodel (3.1.1)
      activesupport (= 3.1.1)
      builder (~> 3.0.0)
      i18n (~> 0.6)
    activesupport (3.1.1)
      multi_json (~> 1.0)
>>>>>>> 517378fe1825a7072927ecf2725766e39ad97f6c
    addressable (2.2.6)
    bson (1.4.1)
    bson_ext (1.4.1)
    builder (3.0.0)
    capistrano (2.9.0)
      highline
      net-scp (>= 1.0.0)
      net-sftp (>= 2.0.0)
      net-ssh (>= 2.0.14)
      net-ssh-gateway (>= 1.1.0)
    curb (0.7.15)
    faraday (0.7.5)
      addressable (~> 2.2.6)
      multipart-post (~> 1.1.3)
      rack (>= 1.1.0, < 2)
    faraday_middleware (0.7.0)
      faraday (~> 0.7.3)
    haml (3.1.3)
    hashie (1.1.0)
    highline (1.6.2)
    i18n (0.6.0)
    mongo (1.4.1)
      bson (= 1.4.1)
    mongoid (2.3.2)
      activemodel (~> 3.1)
      mongo (~> 1.4)
      tzinfo (~> 0.3.22)
    multi_json (1.0.3)
    multi_xml (0.4.1)
    multipart-post (1.1.3)
    net-scp (1.0.4)
      net-ssh (>= 1.99.1)
    net-sftp (2.0.5)
      net-ssh (>= 2.0.9)
    net-ssh (2.2.1)
    net-ssh-gateway (1.1.0)
      net-ssh (>= 1.99.1)
<<<<<<< HEAD
    rack (1.3.2)
    rake (0.9.2)
    sass (3.1.2)
=======
    rack (1.3.5)
    rack-protection (1.1.4)
      rack
    sass (3.1.10)
    shotgun (0.8)
      rack (>= 1.0)
>>>>>>> 517378fe1825a7072927ecf2725766e39ad97f6c
    simple_oauth (0.1.5)
    sinatra (1.3.1)
      rack (~> 1.3, >= 1.3.4)
      rack-protection (~> 1.1, >= 1.1.2)
      tilt (~> 1.3, >= 1.3.3)
    tilt (1.3.3)
    twitter (1.7.2)
      faraday (~> 0.7.4)
      faraday_middleware (~> 0.7.0)
      hashie (~> 1.1.0)
      multi_json (~> 1.0.0)
      multi_xml (~> 0.4.0)
      simple_oauth (~> 0.1.5)
    tzinfo (0.3.30)
<<<<<<< HEAD
    whenever (0.6.7)
      aaronh-chronic (>= 0.3.9)
      activesupport (>= 2.3.4)
    yajl-ruby (0.8.2)
=======
    yajl-ruby (1.0.0)
>>>>>>> 517378fe1825a7072927ecf2725766e39ad97f6c

PLATFORMS
  ruby

DEPENDENCIES
  bson_ext
  capistrano
  curb
  haml
  mongoid
  rake
  sass
  shotgun
  sinatra (~> 1.3.1)
  twitter
  whenever
  yajl-ruby
